GEM
  remote: https://rubygems.org/
  specs:
    backports (3.6.8)
    coderay (1.1.3)
    erubis (2.7.0)
    method_source (1.0.0)
    multi_json (1.12.1)
    pry (0.14.2)
      coderay (~> 1.1)
      method_source (~> 1.0)
    rack (1.6.4)
    rack-protection (1.5.3)
      rack
    rack-test (0.6.3)
      rack (>= 1.0)
    sinatra (1.4.7)
      rack (~> 1.5)
      rack-protection (~> 1.4)
      tilt (>= 1.3, < 3)
    sinatra-contrib (1.4.7)
      backports (>= 2.0)
      multi_json
      rack-protection
      rack-test
      sinatra (~> 1.4.0)
      tilt (>= 1.3, < 3)
    tilt (2.0.5)
    webrick (1.8.1)

PLATFORMS
  ruby

DEPENDENCIES
  erubis
  pry
  sinatra
  sinatra-contrib
  webrick

RUBY VERSION
   ruby 3.2.0p0

BUNDLED WITH
   1.12.5
